GEM
  remote: http://rubygems.org/
  specs:
    activemodel (3.2.11)
      activesupport (= 3.2.11)
      builder (~> 3.0.0)
    activesupport (3.2.11)
      i18n (~> 0.6)
      multi_json (~> 1.0)
    bson (1.8.2)
    builder (3.0.4)
    haml (3.1.7)
    i18n (0.6.1)
    mongo (1.8.2)
      bson (~> 1.8.2)
    mongoid (2.6.0)
      activemodel (~> 3.1)
      mongo (~> 1.7)
      tzinfo (~> 0.3.22)
    multi_json (1.5.0)
    rack (1.5.0)
    rack-protection (1.3.2)
      rack
    sinatra (1.3.3)
      rack (~> 1.3, >= 1.3.6)
      rack-protection (~> 1.2)
      tilt (~> 1.3, >= 1.3.3)
    tilt (1.3.3)
    tzinfo (0.3.35)

PLATFORMS
  ruby

DEPENDENCIES
  haml
  mongoid
  sinatra
